GEM
  remote: https://rubygems.org/
  specs:
    rubocop (1.66.0)
      json (~> 2.3)
      language_server-protocol (>= 3.17.0)
      parallel (~> 1.10)
      parser (>= 3.3.0.2)
      rainbow (>= 2.2.2, < 4.0)
      regexp_parser (>= 2.4, < 3.0)
      rubocop-ast (>= 1.32.1, < 2.0)
      ruby-progressbar (~> 1.7)
      unicode-display_width (>= 2.4.0, < 3.0)

GEM
  remote: https://rubygems.pkg.github.com/ool-mddo/
  specs:
    ast (2.4.2)
    excon (0.111.0)
    hashdiff (1.0.1)
    highline (3.1.1)
      reline
    io-console (0.7.2)
    json (2.7.2)
    jsonpath (1.1.5)
      multi_json
    language_server-protocol (3.17.0.3)
    multi_json (1.15.0)
    neography (1.8.0)
      excon (>= 0.33.0)
      json (>= 1.7.7)
      multi_json (>= 1.3.2)
      os (>= 0.9.6)
      rake (>= 0.8.7)
      rubyzip (>= 1.0.0)
    netomox (0.10.0)
      hashdiff (~> 1.0.1)
      jsonpath (~> 1.1.2)
      neography (~> 1.8.0)
      rexml (~> 3.2)
      termcolor (~> 1.2.2)
      thor (~> 1.2.1)
    os (1.1.4)
    parallel (1.26.3)
    parser (3.3.4.2)
      ast (~> 2.4.1)
      racc
    racc (1.8.1)
    rainbow (3.1.1)
    rake (13.2.1)
    regexp_parser (2.9.2)
    reline (0.5.9)
      io-console (~> 0.5)
    rexml (3.3.6)
      strscan
    rubocop-ast (1.32.1)
      parser (>= 3.3.1.0)
    ruby-progressbar (1.13.0)
    rubyzip (2.3.2)
    strscan (3.1.0)
    termcolor (1.2.2)
      highline (>= 1.5.0)
    thor (1.2.2)
    unicode-display_width (2.5.0)

PLATFORMS
  x86_64-linux

DEPENDENCIES
  netomox (>= 0.10.0)!
  rubocop (>= 0.80)

BUNDLED WITH
   2.4.12
